GEM
  remote: https://rubygems.org/
  specs:
    ansi (1.5.0)
    hashie (3.6.0)
    itamae (1.9.12)
      ansi
      hashie
      schash (~> 0.1.0)
      specinfra (>= 2.64.0, < 3.0.0)
      thor
    net-scp (1.2.1)
      net-ssh (>= 2.6.5)
    net-ssh (5.0.2)
    net-telnet (0.1.1)
    rake (12.3.1)
    schash (0.1.2)
    sfl (2.3)
    specinfra (2.76.2)
      net-scp
      net-ssh (>= 2.7)
      net-telnet (= 0.1.1)
      sfl
    thor (0.20.0)

PLATFORMS
  ruby

DEPENDENCIES
  itamae
  rake

BUNDLED WITH
   1.16.2
